ObjectType = Image
NDims = 3
BinaryData = True
BinaryDataByteOrderMSB = False
CompressedData = False
TransformMatrix = 1 0 0 0 1 0 0 0 1
Offset = 0 0 -195
CenterOfRotation = 0 0 0
ElementSpacing = 400 400 10
DimSize = 1 1 40
AnatomicalOrientation = ???
ElementType = MET_FLOAT
ElementDataFile = dose-Dose-Squared.raw
