ObjectType = Image
NDims = 3
BinaryData = True
BinaryDataByteOrderMSB = False
CompressedData = False
TransformMatrix = 1 0 0 0 1 0 0 0 1
Offset = 0 0 -199.90000000000001
CenterOfRotation = 0 0 0
ElementSpacing = 400 400 0.20000000298023224
DimSize = 1 1 2000
AnatomicalOrientation = ???
ElementType = MET_FLOAT
ElementDataFile = letDoseAvDEDX_primary-doseAveraged.raw
