ObjectType = Image
NDims = 3
BinaryData = True
BinaryDataByteOrderMSB = False
CompressedData = False
TransformMatrix = 1 0 0 0 1 0 0 0 1
Offset = -199 -199 -199
CenterOfRotation = 0 0 0
ElementSpacing = 2 2 2
DimSize = 200 200 200
AnatomicalOrientation = ???
ElementType = MET_FLOAT
ElementDataFile = output-Dose-Uncertainty.raw
